GEM
  remote: https://rubygems.org/
  specs:
    elasticsearch (1.0.18)
      elasticsearch-api (= 1.0.18)
      elasticsearch-transport (= 1.0.18)
    elasticsearch-api (1.0.18)
      multi_json
    elasticsearch-transport (1.0.18)
      faraday
      multi_json
    faraday (0.9.2)
      multipart-post (>= 1.2, < 3)
    jar-dependencies (0.3.4)
    multi_json (1.12.1)
    multipart-post (2.0.0)
    rake (11.1.2)
    ruby-maven (3.3.11)
      ruby-maven-libs (~> 3.3.9)
    ruby-maven-libs (3.3.9)

PLATFORMS
  java

DEPENDENCIES
  elasticsearch
  jar-dependencies (= 0.3.4)
  multi_json
  rake
  ruby-maven (~> 3.3, >= 3.3.11)

BUNDLED WITH
   1.12.5
