GEM
  remote: https://rubygems.org/
  specs:
    multi_json (1.12.1)
    rake (11.1.2)

PLATFORMS
  java

DEPENDENCIES
  multi_json
  rake

BUNDLED WITH
   1.12.5
